GEM
  remote: https://rubygems.org/
  specs:
    awesome_print (1.9.2)
    coderay (1.1.3)
    method_source (1.0.0)
    pg (1.3.1)
    pry (0.14.1)
      coderay (~> 1.1)
      method_source (~> 1.0)
    sequel (5.53.0)
    sqlite3 (1.4.2)

PLATFORMS
  ruby
  x86_64-darwin-21

DEPENDENCIES
  awesome_print
  pg
  pry
  sequel
  sqlite3

BUNDLED WITH
   2.1.4
